GIT
  remote: http://github.com/postmodern/contextify.git
  revision: 4970af00b40a2467682a8159e972f65b43f87d94
  specs:
    contextify (0.1.6)

GIT
  remote: http://github.com/postmodern/dm-migrations.git
  revision: 0fbaeefb1d260ac312d23b13d62c09de89d1f1af
  branch: runner
  specs:
    dm-migrations (1.0.2)
      dm-core (~> 1.0.2)

GIT
  remote: http://github.com/postmodern/gscraper.git
  revision: afbcf64c702f16e38681e22f49090c93f4697838
  specs:
    gscraper (0.3.1)
      json_pure (~> 1.4.0)
      mechanize (~> 1.0.0)
      uri-query_params (~> 0.4.0)

GIT
  remote: http://github.com/ronin-ruby/ronin-exploits.git
  revision: 1e5347cea2f5d0e688a6e0726bd03638dec4e60a
  specs:
    ronin-exploits (0.4.0)
      data_paths (~> 0.2.1)
      open_namespace (~> 0.3.0)
      ronin (~> 0.4.0)
      ronin-gen (~> 0.3.0)
      ronin-support (~> 0.1.0)
      uri-query_params (~> 0.4.0)

GIT
  remote: http://github.com/ronin-ruby/ronin-gen.git
  revision: 053fbf58a5dd3800861b6ed8808617483c2dc419
  specs:
    ronin-gen (0.3.0)
      data_paths (~> 0.2.1)
      open_namespace (~> 0.3.0)
      ronin (~> 0.4.0)
      ronin-support (~> 0.1.0)
      thor (~> 0.14.0)

GIT
  remote: http://github.com/ronin-ruby/ronin-scanners.git
  revision: a9decfc1cc72273352fcc97accd2b3d0f9248ddf
  specs:
    ronin-scanners (0.2.0)
      nokogiri (~> 1.4.1)
      open_namespace (~> 0.3.0)
      ronin (~> 0.4.0)
      ronin-exploits (~> 0.4.0)
      ronin-support (~> 0.1.0)
      rprogram (~> 0.1.8)
      ruby-nmap (~> 0.1.0)
      spidr (~> 0.2.4)

GIT
  remote: http://github.com/ronin-ruby/ronin-support.git
  revision: e3b3170bfeafb33cda54d39015ed1e10505b62ee
  specs:
    ronin-support (0.1.0)
      chars (~> 0.1.2)
      data_paths (~> 0.2.1)
      uri-query_params (~> 0.4.0)

GIT
  remote: http://github.com/ronin-ruby/ronin.git
  revision: b9bdaa7e5744628aa7ce1e72e1a2088b27d01a6c
  specs:
    ronin (0.4.0)
      activesupport (~> 3.0.0)
      contextify (~> 0.1.6)
      data_paths (~> 0.2.1)
      dm-aggregates (~> 1.0.2)
      dm-constraints (~> 1.0.2)
      dm-core (~> 1.0.2)
      dm-do-adapter (~> 1.0.2)
      dm-is-predefined (~> 0.3.0)
      dm-migrations (~> 1.0.2)
      dm-sqlite-adapter (~> 1.0.2)
      dm-tags (~> 1.0.2)
      dm-timestamps (~> 1.0.2)
      dm-types (~> 1.0.2)
      dm-validations (~> 1.0.2)
      nokogiri (~> 1.4.1)
      open_namespace (~> 0.3.0)
      parameters (~> 0.2.2)
      pullr (~> 0.1.2)
      ronin-support (~> 0.1.0)
      thor (~> 0.14.0)
      tzinfo (~> 0.3.22)
      uri-query_params (~> 0.4.0)

GEM
  remote: https://rubygems.org/
  specs:
    activesupport (3.0.0)
    addressable (2.2.1)
    chars (0.1.2)
      yard (>= 0.2.3.5)
    data_objects (0.10.2)
      addressable (~> 2.1)
    data_paths (0.2.1)
    diff-lcs (1.1.2)
    dm-aggregates (1.0.2)
      dm-core (~> 1.0.2)
    dm-constraints (1.0.2)
      dm-core (~> 1.0.2)
      dm-migrations (~> 1.0.2)
    dm-core (1.0.2)
      addressable (~> 2.2)
      extlib (~> 0.9.15)
    dm-do-adapter (1.0.2)
      data_objects (~> 0.10.2)
      dm-core (~> 1.0.2)
    dm-is-predefined (0.3.0)
      activesupport (~> 3.0.0.beta3)
      dm-core (~> 1.0.0)
    dm-sqlite-adapter (1.0.2)
      dm-do-adapter (~> 1.0.2)
      do_sqlite3 (~> 0.10.2)
    dm-tags (1.0.2)
      dm-core (~> 1.0.2)
    dm-timestamps (1.0.2)
      dm-core (~> 1.0.2)
    dm-types (1.0.2)
      dm-core (~> 1.0.2)
      fastercsv (~> 1.5.3)
      json_pure (~> 1.4)
      stringex (~> 1.1.0)
      uuidtools (~> 2.1.1)
    dm-validations (1.0.2)
      dm-core (~> 1.0.2)
    dm-visualizer (0.1.0)
      dm-core (>= 0.10.2)
      ruby-graphviz (>= 0.9.10)
      thor (>= 0.13.4)
    do_sqlite3 (0.10.2)
      data_objects (= 0.10.2)
    extlib (0.9.15)
    fastercsv (1.5.3)
    git (1.2.5)
    jeweler (1.5.0.pre3)
      bundler (~> 1.0.0)
      git (>= 1.2.5)
      rake
    json_pure (1.4.6)
    mechanize (1.0.0)
      nokogiri (>= 1.2.1)
    nokogiri (1.4.3.1)
    open_namespace (0.3.0)
    parameters (0.2.2)
    pullr (0.1.3)
      addressable (>= 2.1.1)
    rake (0.8.7)
    rdiscount (1.6.5)
    rprogram (0.1.8)
    rspec (2.0.0.rc)
      rspec-core (= 2.0.0.rc)
      rspec-expectations (= 2.0.0.rc)
      rspec-mocks (= 2.0.0.rc)
    rspec-core (2.0.0.rc)
    rspec-expectations (2.0.0.rc)
      diff-lcs (>= 1.1.2)
    rspec-mocks (2.0.0.rc)
      rspec-core (= 2.0.0.rc)
      rspec-expectations (= 2.0.0.rc)
    ruby-graphviz (0.9.17)
    ruby-nmap (0.1.1)
      nokogiri (>= 1.4.0)
      rprogram (>= 0.1.8)
    spidr (0.2.7)
    stringex (1.1.0)
    thor (0.14.0)
    tzinfo (0.3.23)
    uri-query_params (0.4.0)
    uuidtools (2.1.1)
    yard (0.6.1)
    yard-contextify (0.1.0)
      yard (>= 0.4.0)

PLATFORMS
  ruby

DEPENDENCIES
  contextify (~> 0.1.6)!
  dm-migrations (~> 1.0.2)!
  dm-visualizer (~> 0.1.0)
  gscraper (~> 0.3.1)!
  jeweler (~> 1.5.0.pre)
  rake (~> 0.8.7)
  rdiscount (~> 1.6.3)
  ronin (~> 0.4.0)!
  ronin-exploits (~> 0.4.0)!
  ronin-gen (~> 0.3.0)!
  ronin-scanners (~> 0.2.0)!
  ronin-support (~> 0.1.0)!
  rspec (~> 2.0.0.rc)
  yard (~> 0.6.0)
  yard-contextify (~> 0.1.0)
